GEM
  remote: http://rubygems.org/
  specs:
    addressable (2.2.6)
    amq-client (0.8.5)
      amq-protocol (>= 0.8.0)
      eventmachine
    amq-protocol (0.8.3)
    amqp (0.8.2)
      amq-client (~> 0.8.5)
      amq-protocol (~> 0.8.3)
      eventmachine
    em-websocket (0.3.5)
      addressable (>= 2.1.1)
      eventmachine (>= 0.12.9)
    eventmachine (0.12.10)

PLATFORMS
  ruby

DEPENDENCIES
  amqp
  em-websocket
  eventmachine
