GEM
  remote: http://rubygems.org/
  specs:
    addressable (2.2.6)
    amq-client (0.8.5)
      amq-protocol (>= 0.8.0)
      eventmachine
    amq-protocol (0.8.3)
    amqp (0.8.2)
      amq-client (~> 0.8.5)
      amq-protocol (~> 0.8.3)
      eventmachine
    daemons (1.1.4)
    em-websocket (0.3.5)
      addressable (>= 2.1.1)
      eventmachine (>= 0.12.9)
    eventmachine (0.12.10)
    rack (1.3.5)
    rack-protection (1.1.4)
      rack
    sinatra (1.3.1)
      rack (~> 1.3, >= 1.3.4)
      rack-protection (~> 1.1, >= 1.1.2)
      tilt (~> 1.3, >= 1.3.3)
    thin (1.2.11)
      daemons (>= 1.0.9)
      eventmachine (>= 0.12.6)
      rack (>= 1.0.0)
    tilt (1.3.3)
    websocket-rack (0.3.1)
      em-websocket (~> 0.3.1)
      rack
      thin

PLATFORMS
  ruby

DEPENDENCIES
  amqp
  em-websocket
  eventmachine
  sinatra
  thin
  websocket-rack
